GEM
  remote: https://rubygems.org/
  specs:
    ansi (1.5.0)
    ast (2.4.0)
    colorator (0.1)
    exifr (1.3.6)
    ffi (1.9.8)
    fspath (3.1.2)
    image_optim (0.26.5)
      exifr (~> 1.2, >= 1.2.2)
      fspath (~> 3.0)
      image_size (>= 1.5, < 3)
      in_threads (~> 1.3)
      progress (~> 3.0, >= 3.0.1)
    image_optim_pack (0.6.0.20200116)
      fspath (>= 2.1, < 4)
      image_optim (~> 0.19)
    image_size (2.0.2)
    in_threads (1.5.4)
    jekyll (3.0.1)
      colorator (~> 0.1)
      jekyll-sass-converter (~> 1.0)
      jekyll-watch (~> 1.1)
      kramdown (~> 1.3)
      liquid (~> 3.0)
      mercenary (~> 0.3.3)
      rouge (~> 1.7)
      safe_yaml (~> 1.0)
    jekyll-compress-images (1.2)
      image_optim
      image_optim_pack
    jekyll-emoji (1.0.3)
      jekyll (>= 2.0)
      oga (~> 1.2, >= 1.2.0)
      yajl-ruby (~> 1.2, >= 1.2.0)
    jekyll-paginate (1.1.0)
    jekyll-sass-converter (1.3.0)
      sass (~> 3.2)
    jekyll-watch (1.3.0)
      listen (~> 3.0)
    kramdown (1.9.0)
    liquid (3.0.6)
    listen (3.0.4)
      rb-fsevent (>= 0.9.3)
      rb-inotify (>= 0.9)
    mercenary (0.3.5)
    oga (1.3.1)
      ast
      ruby-ll (~> 2.1)
    progress (3.5.2)
    rb-fsevent (0.9.6)
    rb-inotify (0.9.5)
      ffi (>= 0.5.0)
    rouge (1.10.1)
    ruby-ll (2.1.2)
      ansi
      ast
    safe_yaml (1.0.4)
    sass (3.4.16)
    yajl-ruby (1.4.1)

PLATFORMS
  ruby

DEPENDENCIES
  jekyll
  jekyll-compress-images
  jekyll-emoji
  jekyll-paginate

BUNDLED WITH
   2.1.4
